PATH
  remote: .
  specs:
    plainwhite (0.9)
      jekyll (>= 3.7.3)

GEM
  remote: https://rubygems.org/
  specs:
    addressable (2.8.1)
      public_suffix (>= 2.0.2, < 6.0)
    ast (2.4.2)
    colorator (1.1.0)
    concurrent-ruby (1.1.10)
    cssminify2 (2.0.1)
    em-websocket (0.5.3)
      eventmachine (>= 0.12.9)
      http_parser.rb (~> 0)
    eventmachine (1.2.7)
    execjs (2.8.1)
    ffi (1.15.5)
    forwardable-extended (2.6.0)
    htmlcompressor (0.4.0)
    http_parser.rb (0.8.0)
    i18n (1.12.0)
      concurrent-ruby (~> 1.0)
    jekyll (4.3.1)
      addressable (~> 2.4)
      colorator (~> 1.0)
      em-websocket (~> 0.5)
      i18n (~> 1.0)
      jekyll-sass-converter (>= 2.0, < 4.0)
      jekyll-watch (~> 2.0)
      kramdown (~> 2.3, >= 2.3.1)
      kramdown-parser-gfm (~> 1.0)
      liquid (~> 4.0)
      mercenary (>= 0.3.6, < 0.5)
      pathutil (~> 0.9)
      rouge (>= 3.0, < 5.0)
      safe_yaml (~> 1.0)
      terminal-table (>= 1.8, < 4.0)
      webrick (~> 1.7)
    jekyll-feed (0.17.0)
      jekyll (>= 3.7, < 5.0)
    jekyll-minifier (0.1.10)
      cssminify2 (~> 2.0)
      htmlcompressor (~> 0.4)
      jekyll (>= 3.5)
      json-minify (~> 0.0.3)
      uglifier (~> 4.1)
    jekyll-paginate-v2 (3.0.0)
      jekyll (>= 3.0, < 5.0)
    jekyll-sass-converter (2.2.0)
      sassc (> 2.0.1, < 3.0)
    jekyll-watch (2.2.1)
      listen (~> 3.0)
    jekyll_picture_tag (2.0.4)
      addressable (~> 2.6)
      jekyll (~> 4.0)
      mime-types (~> 3.0)
      objective_elements (~> 1.1)
      rainbow (~> 3.0)
      ruby-vips (~> 2.0.17)
    json (2.6.2)
    json-minify (0.0.3)
      json (> 0)
    kramdown (2.4.0)
      rexml
    kramdown-parser-gfm (1.1.0)
      kramdown (~> 2.0)
    libv8-node (16.10.0.0-arm64-darwin)
    liquid (4.0.3)
    listen (3.7.1)
      rb-fsevent (~> 0.10, >= 0.10.3)
      rb-inotify (~> 0.9, >= 0.9.10)
    mercenary (0.4.0)
    mime-types (3.4.1)
      mime-types-data (~> 3.2015)
    mime-types-data (3.2022.0105)
    mini_racer (0.6.3)
      libv8-node (~> 16.10.0.0)
    nokogiri (1.13.9-arm64-darwin)
      racc (~> 1.4)
    objective_elements (1.1.2)
    parallel (1.22.1)
    parser (3.1.2.1)
      ast (~> 2.4.1)
    pathutil (0.16.2)
      forwardable-extended (~> 2.6)
    public_suffix (5.0.0)
    racc (1.6.0)
    rainbow (3.1.1)
    rake (13.0.6)
    rb-fsevent (0.11.2)
    rb-inotify (0.10.1)
      ffi (~> 1.0)
    regexp_parser (2.6.1)
    rexml (3.2.5)
    rouge (4.0.0)
    rubocop (1.39.0)
      json (~> 2.3)
      parallel (~> 1.10)
      parser (>= 3.1.2.1)
      rainbow (>= 2.2.2, < 4.0)
      regexp_parser (>= 1.8, < 3.0)
      rexml (>= 3.2.5, < 4.0)
      rubocop-ast (>= 1.23.0, < 2.0)
      ruby-progressbar (~> 1.7)
      unicode-display_width (>= 1.4.0, < 3.0)
    rubocop-ast (1.23.0)
      parser (>= 3.1.1.0)
    rubocop-rake (0.6.0)
      rubocop (~> 1.0)
    ruby-progressbar (1.11.0)
    ruby-vips (2.0.17)
      ffi (~> 1.9)
    safe_yaml (1.0.5)
    sassc (2.4.0)
      ffi (~> 1.9)
    terminal-table (3.0.2)
      unicode-display_width (>= 1.1.1, < 3)
    uglifier (4.2.0)
      execjs (>= 0.3.0, < 3)
    unicode-display_width (2.3.0)
    webrick (1.7.0)

PLATFORMS
  arm64-darwin-21

DEPENDENCIES
  bundler (> 1.16)
  jekyll
  jekyll-feed
  jekyll-minifier
  jekyll-paginate-v2
  jekyll_picture_tag
  mini_racer
  nokogiri
  plainwhite!
  rake
  rubocop
  rubocop-rake
  webrick

RUBY VERSION
   ruby 2.7.6p219

BUNDLED WITH
   2.3.19
